GEM
  remote: https://rubygems.org/
  specs:
    mustermann (1.0.3)
    rack (2.0.7)
    rack-protection (2.0.2)
      rack
    sinatra (2.0.2)
      mustermann (~> 1.0)
      rack (~> 2.0)
      rack-protection (= 2.0.2)
      tilt (~> 2.0)
    sqlite3 (1.3.13)
    tilt (2.0.9)

PLATFORMS
  ruby

DEPENDENCIES
  sinatra (= 2.0.2)
  sqlite3 (= 1.3.13)

BUNDLED WITH
   1.15.4
